GIT
  remote: https://github.com/mlintern/compendium-api
  revision: 3fb9094a85088d5290acaeb47b1e92caaf2ccded
  specs:
    compendium-api (0.14.6)
      httparty (~> 0)

GIT
  remote: https://github.com/mlintern/nretnil-fake-data
  revision: d16da469a597949db85491f07bb766c2752c17d9
  specs:
    nretnil-fake-data (0.0.2)

GIT
  remote: https://github.com/mlintern/nretnil-password
  revision: f09a13ff1d2ef991d1e110ddf8d1afaa05b0b65b
  specs:
    nretnil-password (0.0.4)

GEM
  remote: https://rubygems.org/
  specs:
    activesupport (4.2.1)
      i18n (~> 0.7)
      json (~> 1.7, >= 1.7.7)
      minitest (~> 5.1)
      thread_safe (~> 0.3, >= 0.3.4)
      tzinfo (~> 1.1)
    addressable (2.3.8)
    bcrypt (3.1.10)
    bcrypt-ruby (3.1.5)
      bcrypt (>= 3.1.3)
    data_objects (0.10.15)
      addressable (~> 2.1)
    dm-aggregates (1.2.0)
      dm-core (~> 1.2.0)
    dm-constraints (1.2.0)
      dm-core (~> 1.2.0)
    dm-core (1.2.1)
      addressable (~> 2.3)
    dm-do-adapter (1.2.0)
      data_objects (~> 0.10.6)
      dm-core (~> 1.2.0)
    dm-migrations (1.2.0)
      dm-core (~> 1.2.0)
    dm-mysql-adapter (1.2.0)
      dm-do-adapter (~> 1.2.0)
      do_mysql (~> 0.10.6)
    dm-serializer (1.2.2)
      dm-core (~> 1.2.0)
      fastercsv (~> 1.5)
      json (~> 1.6)
      json_pure (~> 1.6)
      multi_json (~> 1.0)
    dm-sqlite-adapter (1.2.0)
      dm-do-adapter (~> 1.2.0)
      do_sqlite3 (~> 0.10.6)
    dm-timestamps (1.2.0)
      dm-core (~> 1.2.0)
    dm-types (1.2.2)
      bcrypt-ruby (~> 3.0)
      dm-core (~> 1.2.0)
      fastercsv (~> 1.5)
      json (~> 1.6)
      multi_json (~> 1.0)
      stringex (~> 1.4)
      uuidtools (~> 2.1)
    dm-validations (1.2.0)
      dm-core (~> 1.2.0)
    do_mysql (0.10.15)
      data_objects (= 0.10.15)
    do_sqlite3 (0.10.15)
      data_objects (= 0.10.15)
    erubis (2.7.0)
    fastercsv (1.5.5)
    http_router (0.11.1)
      rack (>= 1.0.0)
      url_mount (~> 0.2.1)
    httparty (0.13.3)
      json (~> 1.8)
      multi_xml (>= 0.5.2)
    i18n (0.7.0)
    json (1.8.2)
    json_pure (1.8.2)
    mail (2.5.4)
      mime-types (~> 1.16)
      treetop (~> 1.4.8)
    mime-types (1.25.1)
    minitest (5.6.1)
    moneta (0.7.20)
    multi_json (1.11.0)
    multi_xml (0.5.5)
    padrino (0.12.4)
      padrino-admin (= 0.12.4)
      padrino-cache (= 0.12.4)
      padrino-core (= 0.12.4)
      padrino-gen (= 0.12.4)
      padrino-helpers (= 0.12.4)
      padrino-mailer (= 0.12.4)
      padrino-support (= 0.12.4)
    padrino-admin (0.12.4)
      padrino-core (= 0.12.4)
      padrino-helpers (= 0.12.4)
    padrino-cache (0.12.4)
      moneta (~> 0.7.0)
      padrino-core (= 0.12.4)
      padrino-helpers (= 0.12.4)
    padrino-core (0.12.4)
      activesupport (>= 3.1)
      http_router (~> 0.11.0)
      padrino-support (= 0.12.4)
      rack-protection (>= 1.5.0)
      sinatra (~> 1.4.2)
      thor (~> 0.18)
    padrino-gen (0.12.4)
      bundler (~> 1.0)
      padrino-core (= 0.12.4)
    padrino-helpers (0.12.4)
      i18n (~> 0.6, >= 0.6.7)
      padrino-support (= 0.12.4)
      tilt (~> 1.4.1)
    padrino-mailer (0.12.4)
      mail (~> 2.5.3)
      padrino-core (= 0.12.4)
    padrino-support (0.12.4)
      activesupport (>= 3.1)
    polyglot (0.3.5)
    rack (1.6.1)
    rack-protection (1.5.3)
      rack
    rake (10.4.2)
    sinatra (1.4.6)
      rack (~> 1.4)
      rack-protection (~> 1.4)
      tilt (>= 1.3, < 3)
    sinatra-flash (0.3.0)
      sinatra (>= 1.0.0)
    stringex (1.5.1)
    thor (0.19.1)
    thread_safe (0.3.5)
    tilt (1.4.1)
    treetop (1.4.15)
      polyglot
      polyglot (>= 0.3.1)
    tzinfo (1.2.2)
      thread_safe (~> 0.1)
    url_mount (0.2.1)
      rack
    uuidtools (2.1.5)

PLATFORMS
  ruby

DEPENDENCIES
  bcrypt
  compendium-api!
  dm-aggregates
  dm-constraints
  dm-core
  dm-migrations
  dm-mysql-adapter
  dm-serializer
  dm-sqlite-adapter
  dm-timestamps
  dm-types
  dm-validations
  erubis (~> 2.7.0)
  httparty
  json
  nretnil-fake-data!
  nretnil-password!
  padrino (= 0.12.4)
  rake
  sinatra-flash
